PATH
  remote: .
  specs:
    jobrunner (0.0.1.pre.PRE)
      rufus-scheduler
      sinatra
      tzinfo-data

GEM
  remote: https://rubygems.org/
  specs:
    et-orbi (1.0.3)
      tzinfo
    minitest (5.10.1)
    rack (1.6.5)
    rack-protection (1.5.3)
      rack
    rake (10.5.0)
    rufus-scheduler (3.4.0)
      et-orbi (~> 1.0)
    sinatra (1.4.8)
      rack (~> 1.5)
      rack-protection (~> 1.4)
      tilt (>= 1.3, < 3)
    thread_safe (0.3.6)
    tilt (2.0.7)
    tzinfo (1.2.3)
      thread_safe (~> 0.1)
    tzinfo-data (1.2017.2)
      tzinfo (>= 1.0.0)

PLATFORMS
  ruby
  x64-mingw32

DEPENDENCIES
  bundler (~> 1.11)
  jobrunner!
  minitest (~> 5.0)
  rake (~> 10.0)

BUNDLED WITH
   1.14.5
